{
    "TaskName": "exp1Diotic",
    "Manufacturer": "Brain Products",
    "PowerLineFrequency": 60.0,
    "SamplingFrequency": 10000.0,
    "SoftwareFilters": "n/a",
    "RecordingDuration": 11162.2799,
    "RecordingType": "continuous",
    "EEGReference": "earlobes",
    "EEGGround": "placed on Fpz",
    "EEGPlacementScheme": "based on the extended 10/20 system",
    "EEGChannelCount": 2,
    "EOGChannelCount": 0,
    "ECGChannelCount": 0,
    "EMGChannelCount": 0,
    "MiscChannelCount": 0,
    "TriggerChannelCount": 0,
    "TaskDescription": "Subjects were presented with two audiobooks simultaneously and instructed to attend to only one of them on a given trial. A female narrator read 'A Wrinkle in Time' and a male narrator read 'The Alchemyst'. Stimuli were presented diotically. Subjects were seated at a computer desk with a monitor in front of them which displayed a fixation dot. The fixation dot indicated the narrator that should be attended in addition to instructions prior to each trial. Subjects were encouraged to take breaks throughout the experiment.",
    "ManufacturersModelName": "actiChamp Plus with EP preamps",
    "SoftwareVersions": "BrainVision Recorder V1.25.0201"
}