{
    "TaskName": "exp2Dichotic",
    "Manufacturer": "Brain Products",
    "PowerLineFrequency": "n/a",
    "SamplingFrequency": 10000.0,
    "SoftwareFilters": "n/a",
    "RecordingDuration": 5788.2499,
    "RecordingType": "continuous",
    "EEGReference": "earlobes",
    "EEGGround": "placed on Fpz",
    "EEGPlacementScheme": "based on the extended 10/20 system",
    "EEGChannelCount": 1,
    "EOGChannelCount": 0,
    "ECGChannelCount": 0,
    "EMGChannelCount": 0,
    "MiscChannelCount": 0,
    "TriggerChannelCount": 0,
    "TaskDescription": "In each trial, subjects were presented with two audiobooks simultaneously, one read by a male narrator and one read by a female narrator.One story was played in each ear, and subjectswere instructed to attend to either the left orright side and which story they should hear onthat side.",
    "ManufacturersModelName": "actiChamp EP preamps",
    "SoftwareVersions": "BrainVision PyCorder"
}