{
	"TaskName": "faceFO",
	"TaskDescription": "Visual presentation of oval cropped face and house images both upright and inverted. Rare left or right half oval checkerboards were presetned as targets for keypress response.",
	"InstitutionName": "Brock University",
	"InstitutionAddress": "500 Glenridge Ave, St.Catharines, Ontario",
	"EOGChannelCount": 7,
	"EMGChannelCount": 0,
	"MiscChannelCount": 0,
	"TriggerChannelCount": 0,
	"PowerLineFrequency": 60,
	"EEGPlacementScheme": "Custom equidistant 128 channel BioSemi montage established in coordination with Judith Schedden McMaster Univertisy",
	"Manufacturer": "BioSemi",
	"ManufacturersModelName": "ActiveTwo",
	"HardwareFilters": "n/a",
	"SoftwareFilters": "n/a",
	"SoftwareVersions": "NI ActiView 532-Lores",
	"CapManufacturer": "ElectroCap International",
	"CapManufacturersModelName": "10032",
	"EEGChannelCount": 128,
	"EEGReference": "common",
	"RecordingType": "continuous",
	"RecordingDuration": 2045,
	"SamplingFrequency": 512,
	"ECGChannelCount": 0
}